GIT
  remote: git://github.com/cloudfoundry/eventmachine.git
  revision: 2806c630d8631d5dcf9fb2555f665b829052aabe
  branch: release-0.12.11-cf
  specs:
    eventmachine (0.12.11.cloudfoundry.3)

GEM
  remote: http://rubygems.org/
  specs:
    addressable (2.2.8)
    bcrypt-ruby (2.1.4)
    curb (0.8.0)
    daemons (1.1.9)
    data_mapper (1.1.0)
      dm-aggregates (= 1.1.0)
      dm-constraints (= 1.1.0)
      dm-core (= 1.1.0)
      dm-migrations (= 1.1.0)
      dm-serializer (= 1.1.0)
      dm-timestamps (= 1.1.0)
      dm-transactions (= 1.1.0)
      dm-types (= 1.1.0)
      dm-validations (= 1.1.0)
    data_objects (0.10.12)
      addressable (~> 2.1)
    dm-aggregates (1.1.0)
      dm-core (~> 1.1.0)
    dm-constraints (1.1.0)
      dm-core (~> 1.1.0)
    dm-core (1.1.0)
      addressable (~> 2.2.4)
    dm-do-adapter (1.1.0)
      data_objects (~> 0.10.2)
      dm-core (~> 1.1.0)
    dm-migrations (1.1.0)
      dm-core (~> 1.1.0)
    dm-serializer (1.1.0)
      dm-core (~> 1.1.0)
      fastercsv (~> 1.5.4)
      json (~> 1.4.6)
    dm-sqlite-adapter (1.1.0)
      dm-do-adapter (~> 1.1.0)
      do_sqlite3 (~> 0.10.2)
    dm-timestamps (1.1.0)
      dm-core (~> 1.1.0)
    dm-transactions (1.1.0)
      dm-core (~> 1.1.0)
    dm-types (1.1.0)
      bcrypt-ruby (~> 2.1.4)
      dm-core (~> 1.1.0)
      fastercsv (~> 1.5.4)
      json (~> 1.4.6)
      stringex (~> 1.2.0)
      uuidtools (~> 2.1.2)
    dm-validations (1.1.0)
      dm-core (~> 1.1.0)
    do_sqlite3 (0.10.12)
      data_objects (= 0.10.12)
    fastercsv (1.5.5)
    json (1.4.6)
    json_pure (1.7.7)
    nats (0.4.26)
      daemons (>= 1.1.5)
      eventmachine (>= 0.12.10)
      json_pure (>= 1.7.3)
      thin (>= 1.4.1)
    net-scp (1.0.4)
      net-ssh (>= 1.99.1)
    net-ssh (2.6.3)
    rack (1.5.2)
    stringex (1.2.2)
    terminal-color (0.1.0)
    thin (1.5.0)
      daemons (>= 1.0.9)
      eventmachine (>= 0.12.6)
      rack (>= 1.0.0)
    uuidtools (2.1.3)
    yajl-ruby (1.1.0)

PLATFORMS
  ruby

DEPENDENCIES
  curb
  data_mapper (~> 1.1.0)
  dm-sqlite-adapter
  do_sqlite3
  eventmachine!
  nats
  net-scp
  net-ssh
  terminal-color
  uuidtools
  yajl-ruby
